GEM
  remote: https://rubygems.org/
  specs:
    aws-sdk (1.8.5)
      json (~> 1.4)
      nokogiri (>= 1.4.4)
      uuidtools (~> 2.1)
    classifier (1.3.3)
      fast-stemmer (>= 1.0.0)
    colorator (0.1)
    colored (1.2)
    commander (4.1.5)
      highline (~> 1.6.11)
    configure-s3-website (1.5.0)
      deep_merge (= 1.0.0)
    deep_merge (1.0.0)
    erubis (2.7.0)
    execjs (2.0.2)
    exifr (1.1.3)
    fast-stemmer (1.0.2)
    ffi (1.9.3)
    filey-diff (1.4.2)
    fspath (2.0.5)
    gsl (1.15.3)
      narray (>= 0.5.9)
    highline (1.6.20)
    hike (1.2.3)
    image_optim (0.9.1)
      exifr (~> 1.1.3)
      fspath (~> 2.0.5)
      image_size (~> 1.1.2)
      in_threads (~> 1.2.0)
      progress (~> 3.0.0)
    image_size (1.1.4)
    in_threads (1.2.0)
    jekyll (1.3.0)
      classifier (~> 1.3)
      colorator (~> 0.1)
      commander (~> 4.1.3)
      liquid (~> 2.5.2)
      listen (~> 1.3)
      maruku (~> 0.6.0)
      pygments.rb (~> 0.5.0)
      redcarpet (~> 2.3.0)
      safe_yaml (~> 0.9.7)
    jekyll-assets (0.7.4)
      jekyll (~> 1.0)
      sprockets (~> 2.10)
    json (1.8.1)
    liquid (2.5.3)
    listen (1.3.1)
      rb-fsevent (>= 0.9.3)
      rb-inotify (>= 0.9)
      rb-kqueue (>= 0.2)
    maruku (0.6.1)
      syntax (>= 1.0.0)
    mime-types (1.19)
    mini_portile (0.5.2)
    multi_json (1.8.2)
    narray (0.6.0.8)
    nokogiri (1.6.0)
      mini_portile (~> 0.5.0)
    posix-spawn (0.3.6)
    progress (3.0.0)
    pygments.rb (0.5.4)
      posix-spawn (~> 0.3.6)
      yajl-ruby (~> 1.1.0)
    rack (1.5.2)
    rake (10.1.0)
    rb-fsevent (0.9.3)
    rb-inotify (0.9.2)
      ffi (>= 0.5.0)
    rb-kqueue (0.2.0)
      ffi (>= 0.5.0)
    redcarpet (2.3.0)
    s3_website (1.5.0)
      aws-sdk (~> 1.8.5)
      configure-s3-website (~> 1)
      erubis (~> 2.7.0)
      filey-diff (~> 1.4.2)
      mime-types (= 1.19)
      simple-cloudfront-invalidator (~> 1)
      thor (= 0.18.1)
    safe_yaml (0.9.7)
    simple-cloudfront-invalidator (1.0.1)
      colored (= 1.2)
    sprockets (2.10.0)
      hike (~> 1.2)
      multi_json (~> 1.0)
      rack (~> 1.0)
      tilt (~> 1.1, != 1.3.0)
    syntax (1.0.0)
    thor (0.18.1)
    tilt (1.4.1)
    uglifier (2.3.0)
      execjs (>= 0.3.0)
      json (>= 1.8.0)
    uuidtools (2.1.4)
    yajl-ruby (1.1.0)
    yui-compressor (0.12.0)

PLATFORMS
  ruby

DEPENDENCIES
  gsl
  image_optim
  jekyll
  jekyll-assets
  pygments.rb
  rake
  redcarpet
  s3_website
  uglifier
  yui-compressor
